GEM
  remote: https://rubygems.org/
  specs:
    activemodel (7.0.4.1)
      activesupport (= 7.0.4.1)
    activesupport (7.0.4.1)
      concurrent-ruby (~> 1.0, >= 1.0.2)
      i18n (>= 1.6, < 2)
      minitest (>= 5.1)
      tzinfo (~> 2.0)
    coderay (1.1.2)
    colorize (0.8.1)
    concurrent-ruby (1.1.10)
    dotenv (2.2.2)
    faraday (0.9.2)
      multipart-post (>= 1.2, < 3)
    i18n (1.12.0)
      concurrent-ruby (~> 1.0)
    method_source (0.8.2)
    mini_portile2 (2.4.0)
    minitest (5.17.0)
    multi_json (1.13.1)
    multipart-post (2.0.0)
    nokogiri (1.10.8)
      mini_portile2 (~> 2.4.0)
    podio (2.0.0)
      activemodel (>= 3.0)
      activesupport (>= 3.0)
      faraday (>= 0.8.0, < 0.10.0)
      multi_json
    pry (0.10.4)
      coderay (~> 1.1.0)
      method_source (~> 0.8.1)
      slop (~> 3.4)
    rb-readline (0.5.5)
    roo (2.4.0)
      nokogiri (~> 1)
      rubyzip (~> 1.2.2)
    rubyzip (1.2.4)
    slop (3.6.0)
    tzinfo (2.0.5)
      concurrent-ruby (~> 1.0)

PLATFORMS
  ruby

DEPENDENCIES
  colorize (~> 0.8.1)
  dotenv
  podio
  pry (~> 0.10.3)
  rb-readline
  roo (~> 2.4.0)

BUNDLED WITH
   1.14.6
